PATH
  remote: .
  specs:
    olde_code_finder (0.0.1)

GEM
  remote: https://rubygems.org/
  specs:
    rake (10.2.2)

PLATFORMS
  ruby

DEPENDENCIES
  bundler (~> 1.3)
  olde_code_finder!
  rake
